GEM
  remote: http://rubygems.org/
  specs:
    haml (5.0.0)
      temple (>= 0.8.0)
      tilt
    nio4r (2.5.8)
    puma (4.3.12)
      nio4r (~> 2.0)
    rack (1.6.12)
    rack-protection (1.5.5)
      rack
    sinatra (1.4.7)
      rack (~> 1.5)
      rack-protection (~> 1.4)
      tilt (>= 1.3, < 3)
    temple (0.8.2)
    tilt (2.0.10)

PLATFORMS
  ruby
  x64-mingw32
  x86-mingw32

DEPENDENCIES
  haml
  puma (~> 4.3)
  rack (< 2.0)
  sinatra

BUNDLED WITH
   2.1.2
